GEM
  remote: https://rubygems.org/
  specs:
    mini_portile2 (2.3.0)
    mysql2 (0.4.10)
    nokogiri (1.8.2)
      mini_portile2 (~> 2.3.0)

PLATFORMS
  ruby

DEPENDENCIES
  mysql2
  nokogiri

BUNDLED WITH
   1.16.1
